PATH
  remote: .
  specs:
    active_record_query_trace (1.5.4)

GEM
  remote: http://rubygems.org/
  specs:

PLATFORMS
  ruby

DEPENDENCIES
  active_record_query_trace!

BUNDLED WITH
   1.11.2
